PATH
  remote: .
  specs:
    pf2 (1.0.0.alpha1)
      logger
      mini_portile2
      rake-compiler
      webrick

GEM
  remote: https://rubygems.org/
  specs:
    date (3.4.1)
    erb (5.0.2)
    io-console (0.8.1)
    irb (1.15.2)
      pp (>= 0.6.0)
      rdoc (>= 4.0.0)
      reline (>= 0.4.2)
    logger (1.7.0)
    mini_portile2 (2.8.8)
    minitest (5.25.5)
    pp (0.6.2)
      prettyprint
    prettyprint (0.2.0)
    psych (5.2.6)
      date
      stringio
    rake (13.3.0)
    rake-compiler (1.2.5)
      rake
    rdoc (6.14.2)
      erb
      psych (>= 4.0.0)
    reline (0.6.2)
      io-console (~> 0.5)
    stringio (3.1.7)
    webrick (1.8.1)

PLATFORMS
  x86_64-linux

DEPENDENCIES
  irb
  minitest
  pf2!
  rake (~> 13.3)

BUNDLED WITH
   2.4.19
